GIT
  remote: https://github.com/IMSGlobal/caliper-ruby.git
  revision: df29600d62517f4169b5fe4089bdb53b42d51622
  branch: develop
  specs:
    ims_caliper (1.1)
      concurrent-ruby
      i18n
      require_all
      rest-client
      uuid

GEM
  remote: https://rubygems.org/
  specs:
    backports (3.14.0)
    concurrent-ruby (1.1.5)
    i18n (1.6.0)
      concurrent-ruby (~> 1.0)
    irb (1.0.0)
    macaddr (1.7.1)
      systemu (~> 2.6.2)
    mime-types (2.99.3)
    multi_json (1.13.1)
    netrc (0.11.0)
    nio4r (2.5.2)
    puma (4.3.1)
      nio4r (~> 2.0)
    rack (1.6.5)
    rack-protection (1.5.3)
      rack
    rack-test (1.1.0)
      rack (>= 1.0, < 3)
    redis (4.1.1)
    require_all (2.0.0)
    rest-client (1.7.3)
      mime-types (>= 1.16, < 3.0)
      netrc (~> 0.7)
    shotgun (0.9.2)
      rack (>= 1.0)
    sinatra (1.4.8)
      rack (~> 1.5)
      rack-protection (~> 1.4)
      tilt (>= 1.3, < 3)
    sinatra-contrib (1.4.7)
      backports (>= 2.0)
      multi_json
      rack-protection
      rack-test
      sinatra (~> 1.4.0)
      tilt (>= 1.3, < 3)
    systemu (2.6.5)
    tilt (2.0.7)
    uuid (2.3.9)
      macaddr (~> 1.0)

PLATFORMS
  ruby

DEPENDENCIES
  ims_caliper!
  irb
  puma
  redis
  shotgun
  sinatra
  sinatra-contrib

RUBY VERSION
   ruby 2.6.1p33

BUNDLED WITH
   1.17.2
